PATH
  remote: .
  specs:
    mmcli (0.1.0)

GEM
  remote: https://rubygems.org/
  specs:
    diff-lcs (1.4.4)
    rake (13.0.3)
    rspec (3.10.0)
      rspec-core (~> 3.10.0)
      rspec-expectations (~> 3.10.0)
      rspec-mocks (~> 3.10.0)
    rspec-core (3.10.1)
      rspec-support (~> 3.10.0)
    rspec-expectations (3.10.1)
      diff-lcs (>= 1.2.0, < 2.0)
      rspec-support (~> 3.10.0)
    rspec-mocks (3.10.2)
      diff-lcs (>= 1.2.0, < 2.0)
      rspec-support (~> 3.10.0)
    rspec-support (3.10.2)
    thor (0.20.3)

PLATFORMS
  x86_64-darwin-19

DEPENDENCIES
  bundler (>= 2.2.10)
  mmcli!
  rake (>= 12.3.3)
  rspec (~> 3.0)
  thor (~> 0.18)

BUNDLED WITH
   2.2.17
